GEM
  remote: https://rubygems.org/
  specs:
    activemodel (7.2.0)
      activesupport (= 7.2.0)
    activerecord (7.2.0)
      activemodel (= 7.2.0)
      activesupport (= 7.2.0)
      timeout (>= 0.4.0)
    activesupport (7.2.0)
      base64
      bigdecimal
      concurrent-ruby (~> 1.0, >= 1.3.1)
      connection_pool (>= 2.2.5)
      drb
      i18n (>= 1.6, < 2)
      logger (>= 1.4.2)
      minitest (>= 5.1)
      securerandom (>= 0.3)
      tzinfo (~> 2.0, >= 2.0.5)
    addressable (2.8.7)
      public_suffix (>= 2.0.2, < 7.0)
    amazing_print (1.6.0)
    base64 (0.2.0)
    bigdecimal (3.1.8)
    byebug (11.1.3)
    concurrent-ruby (1.3.4)
    connection_pool (2.4.1)
    daemons (1.4.1)
    diff-lcs (1.5.1)
    drb (2.2.1)
    em-websocket (0.3.8)
      addressable (>= 2.1.1)
      eventmachine (>= 0.12.9)
    eventmachine (1.2.7)
    i18n (1.14.5)
      concurrent-ruby (~> 1.0)
    logger (1.6.0)
    minitest (5.24.1)
    multitrap (0.1.0)
    mustermann (3.0.2)
      ruby2_keywords (~> 0.0.1)
    pg (1.5.7)
    public_suffix (6.0.1)
    rack (2.2.9)
    rack-protection (3.2.0)
      base64 (>= 0.1.0)
      rack (~> 2.2, >= 2.2.4)
    rake (13.2.1)
    rspec (3.13.0)
      rspec-core (~> 3.13.0)
      rspec-expectations (~> 3.13.0)
      rspec-mocks (~> 3.13.0)
    rspec-core (3.13.0)
      rspec-support (~> 3.13.0)
    rspec-expectations (3.13.1)
      diff-lcs (>= 1.2.0, < 2.0)
      rspec-support (~> 3.13.0)
    rspec-mocks (3.13.1)
      diff-lcs (>= 1.2.0, < 2.0)
      rspec-support (~> 3.13.0)
    rspec-support (3.13.1)
    ruby2_keywords (0.0.5)
    securerandom (0.3.1)
    sinatra (3.2.0)
      mustermann (~> 3.0)
      rack (~> 2.2, >= 2.2.4)
      rack-protection (= 3.2.0)
      tilt (~> 2.0)
    sinatra-activerecord (2.0.27)
      activerecord (>= 4.1)
      sinatra (>= 1.0)
    sinatra-websocket (0.3.1)
      em-websocket (~> 0.3.6)
      eventmachine
      thin (>= 1.3.1, < 2.0.0)
    thin (1.8.2)
      daemons (~> 1.0, >= 1.0.9)
      eventmachine (~> 1.0, >= 1.0.4)
      rack (>= 1, < 3)
    tilt (2.4.0)
    timeout (0.4.1)
    tzinfo (2.0.6)
      concurrent-ruby (~> 1.0)
    websocket (1.2.11)
    websocket-eventmachine-base (1.2.0)
      eventmachine (~> 1.0)
      websocket (~> 1.0)
      websocket-native (~> 1.0)
    websocket-eventmachine-client (1.3.0)
      websocket-eventmachine-base (~> 1.0)
    websocket-native (1.0.0)

PLATFORMS
  arm64-darwin-23
  ruby

DEPENDENCIES
  activesupport
  amazing_print
  byebug
  multitrap
  pg
  rake
  rspec
  sinatra
  sinatra-activerecord
  sinatra-websocket
  thin (>= 1.8.1)
  websocket-eventmachine-client

RUBY VERSION
   ruby 3.1.2p20

BUNDLED WITH
   2.5.17
